PATH
  remote: .
  specs:
    guard-redcarpet (0.0.1)
      redcarpet

GEM
  remote: http://rubygems.org/
  specs:
    diff-lcs (1.1.3)
    redcarpet (1.17.2)
    rspec (2.7.0)
      rspec-core (~> 2.7.0)
      rspec-expectations (~> 2.7.0)
      rspec-mocks (~> 2.7.0)
    rspec-core (2.7.1)
    rspec-expectations (2.7.0)
      diff-lcs (~> 1.1.2)
    rspec-mocks (2.7.0)

PLATFORMS
  ruby

DEPENDENCIES
  guard-redcarpet!
  rspec
